GEM
  remote: https://rubygems.org/
  specs:
    ansi (1.5.0)
    ast (2.4.0)
    diff-lcs (1.3)
    mustermann (1.0.3)
    oga (2.15)
      ast
      ruby-ll (~> 2.1)
    puma (3.12.0)
    rack (2.0.5)
    rack-protection (2.0.4)
      rack
    rspec (3.8.0)
      rspec-core (~> 3.8.0)
      rspec-expectations (~> 3.8.0)
      rspec-mocks (~> 3.8.0)
    rspec-core (3.8.0)
      rspec-support (~> 3.8.0)
    rspec-expectations (3.8.1)
      diff-lcs (>= 1.2.0, < 2.0)
      rspec-support (~> 3.8.0)
    rspec-mocks (3.8.0)
      diff-lcs (>= 1.2.0, < 2.0)
      rspec-support (~> 3.8.0)
    rspec-support (3.8.0)
    ruby-ll (2.1.2)
      ansi
      ast
    sinatra (2.0.4)
      mustermann (~> 1.0)
      rack (~> 2.0)
      rack-protection (= 2.0.4)
      tilt (~> 2.0)
    tilt (2.0.8)

PLATFORMS
  ruby

DEPENDENCIES
  oga (~> 2.14)
  puma (~> 3.0)
  rspec (~> 3.0)
  sinatra (~> 2)

RUBY VERSION
   ruby 2.4.4p296

BUNDLED WITH
   1.16.2
