GEM
  remote: https://rubygems.org/
  specs:
    ansi (1.5.0)
    ast (2.3.0)
    daemons (1.2.4)
    eventmachine (1.2.3)
    minitest (5.10.1)
    oga (2.10)
      ast
      ruby-ll (~> 2.1)
    rack (1.6.5)
    rack-protection (1.5.3)
      rack
    rake (12.0.0)
    ruby-ll (2.1.2)
      ansi
      ast
    sass (3.4.24)
    sinatra (1.4.8)
      rack (~> 1.5)
      rack-protection (~> 1.4)
      tilt (>= 1.3, < 3)
    thin (1.7.0)
      daemons (~> 1.0, >= 1.0.9)
      eventmachine (~> 1.0, >= 1.0.4)
      rack (>= 1, < 3)
    tilt (2.0.7)

PLATFORMS
  ruby

DEPENDENCIES
  minitest
  oga (~> 2.10)
  rake
  sass (~> 3.4)
  sinatra (~> 1.4)
  thin

RUBY VERSION
   ruby 2.4.0p0

BUNDLED WITH
   1.15.0
